GEM
  remote: http://rubygems.org/
  specs:
    curb (0.8.0)
    daemons (1.1.8)
    eventmachine (0.12.10)
    faraday (0.8.7)
      multipart-post (~> 1.1)
    feed_yamlizer (0.2.1)
      htmlentities
      nokogiri
    htmlentities (4.3.1)
    multi_json (1.7.6)
    multipart-post (1.2.0)
    nokogiri (1.5.0)
    pg (0.13.2)
    rack (1.4.1)
    rack-protection (1.2.0)
      rack
    sequel (3.33.0)
    simple_oauth (0.2.0)
    sinatra (1.3.2)
      rack (~> 1.3, >= 1.3.6)
      rack-protection (~> 1.2)
      tilt (~> 1.3, >= 1.3.3)
    thin (1.3.1)
      daemons (>= 1.0.9)
      eventmachine (>= 0.12.6)
      rack (>= 1.0.0)
    tilt (1.3.3)
    twitter (4.8.0)
      faraday (~> 0.8, < 0.10)
      multi_json (~> 1.0)
      simple_oauth (~> 0.2)
    tzinfo (0.3.31)

PLATFORMS
  ruby

DEPENDENCIES
  curb
  feed_yamlizer
  nokogiri
  pg
  sequel
  sinatra
  thin
  twitter
  tzinfo
